GEM
  remote: https://rubygems.org/
  specs:
    rake (10.4.2)

PLATFORMS
  x86-mingw32

DEPENDENCIES
  rake

BUNDLED WITH
   1.11.2
